GEM
  remote: https://rubygems.org/
  specs:
    mqtt (0.4.0)
    rpi_gpio (0.3.2)

PLATFORMS
  ruby

DEPENDENCIES
  mqtt (~> 0.4.0)
  rpi_gpio (~> 0.3.2)

BUNDLED WITH
   1.13.6
